GEM
  remote: http://rubygems.org/
  specs:
    arduino_firmata (0.3.6)
      args_parser (>= 0.1.4)
      event_emitter (>= 0.2.4)
      serialport (>= 1.1.0)
    args_parser (0.2.0)
    event_emitter (0.2.5)
    haml (4.0.5)
      tilt
    json (1.8.1)
    rack (1.5.2)
    rack-protection (1.5.3)
      rack
    sass (3.3.8)
    serialport (1.2.3)
    sinatra (1.4.5)
      rack (~> 1.4)
      rack-protection (~> 1.4)
      tilt (~> 1.3, >= 1.3.4)
    tilt (1.4.1)
    voidtools (0.2.9)

PLATFORMS
  ruby

DEPENDENCIES
  arduino_firmata
  haml
  json
  sass
  sinatra
  voidtools
